GEM
  remote: https://rubygems.org/
  specs:
    progressbar (1.11.0)
    rake (13.0.3)

PLATFORMS
  ruby

DEPENDENCIES
  progressbar
  rake

BUNDLED WITH
   2.1.4
